GEM
  remote: https://rubygems.org/
  specs:
    activesupport (4.1.4)
      i18n (~> 0.6, >= 0.6.9)
      json (~> 1.7, >= 1.7.7)
      minitest (~> 5.1)
      thread_safe (~> 0.1)
      tzinfo (~> 1.1)
    addressable (2.4.0)
    domain_name (0.5.25)
      unf (>= 0.0.5, < 1.0.0)
    excon (0.45.4)
    http-cookie (1.0.2)
      domain_name (~> 0.5)
    httpclient (2.7.1)
    i18n (0.7.0)
    json (1.8.3)
    json-schema-openc-fork (0.0.1)
      addressable (~> 2.3)
    launchy (2.4.3)
      addressable (~> 2.3)
    mechanize (2.7.4)
      domain_name (~> 0.5, >= 0.5.1)
      http-cookie (~> 1.0)
      mime-types (>= 1.17.2, < 3)
      net-http-digest_auth (~> 1.1, >= 1.1.1)
      net-http-persistent (~> 2.5, >= 2.5.2)
      nokogiri (~> 1.6)
      ntlm-http (~> 0.1, >= 0.1.1)
      webrobots (>= 0.0.9, < 0.2)
    mime-types (1.25.1)
    mini_portile2 (2.0.0)
    minitest (5.8.3)
    net-http-digest_auth (1.4)
    net-http-persistent (2.9.4)
    netrc (0.7.9)
    nokogiri (1.6.7.1)
      mini_portile2 (~> 2.0.0.rc2)
    ntlm-http (0.1.1)
    openc-json_schema (0.0.13)
      json-schema-openc-fork (= 0.0.1)
    rest-client (1.6.9)
      mime-types (~> 1.16)
    rubyzip (1.1.7)
    scraperwiki (3.0.2)
      httpclient
      sqlite_magic
    sqlite3 (1.3.11)
    sqlite_magic (0.0.6)
      sqlite3
    thread_safe (0.3.5)
    turbot (0.1.35)
      activesupport (= 4.1.4)
      excon
      launchy (>= 0.3.2)
      netrc (~> 0.7.7)
      rest-client (~> 1.6.1)
      rubyzip (>= 1.0.0)
      turbot-api (= 0.0.14)
      turbot-runner (= 0.2.7)
      turbotlib (~> 0.0.9)
    turbot-api (0.0.14)
      rest-client (~> 1.6.1)
      rubyzip
    turbot-runner (0.2.7)
      activesupport (= 4.1.4)
      openc-json_schema (= 0.0.13)
    turbotlib (0.0.9)
      scraperwiki (= 3.0.2)
    tzinfo (1.2.2)
      thread_safe (~> 0.1)
    unf (0.1.4)
      unf_ext
    unf_ext (0.0.7.1)
    webrobots (0.1.2)

PLATFORMS
  ruby

DEPENDENCIES
  mechanize
  turbot

BUNDLED WITH
   1.11.2
